PATH
  remote: .
  specs:
    chronicle-apple-podcasts (0.1.0)
      chronicle-etl (~> 0.5)
      reverse_markdown (~> 2.0)

GEM
  remote: https://rubygems.org/
  specs:
    activesupport (7.0.3.1)
      concurrent-ruby (~> 1.0, >= 1.0.2)
      i18n (>= 1.6, < 2)
      minitest (>= 5.1)
      tzinfo (~> 2.0)
    addressable (2.8.1)
      public_suffix (>= 2.0.2, < 6.0)
    byebug (11.1.3)
    chronic_duration (0.10.6)
      numerizer (~> 0.1.1)
    chronicle-etl (0.5.5)
      activesupport (~> 7.0)
      chronic_duration (~> 0.10.6)
      colorize (~> 0.8.1)
      gems (>= 1)
      launchy
      marcel (~> 1.0.2)
      mini_exiftool (~> 2.10)
      nokogiri (~> 1.13)
      omniauth (~> 2)
      sequel (~> 5.35)
      sinatra (~> 2)
      sqlite3 (~> 1.4)
      thor (~> 1.2)
      thor-hollaback (~> 0.2)
      tty-progressbar (~> 0.17)
      tty-prompt (~> 0.23)
      tty-spinner
      tty-table (~> 0.11)
      xdg (>= 4.0)
    coderay (1.1.3)
    colorize (0.8.1)
    concurrent-ruby (1.1.10)
    gems (1.2.0)
    hashie (5.0.0)
    hollaback (0.1.1)
    i18n (1.12.0)
      concurrent-ruby (~> 1.0)
    launchy (2.5.0)
      addressable (~> 2.7)
    marcel (1.0.2)
    method_source (1.0.0)
    mini_exiftool (2.10.2)
    minitest (5.16.3)
    mustermann (2.0.2)
      ruby2_keywords (~> 0.0.1)
    nokogiri (1.13.8-arm64-darwin)
      racc (~> 1.4)
    numerizer (0.1.1)
    omniauth (2.1.0)
      hashie (>= 3.4.6)
      rack (>= 2.2.3)
      rack-protection
    pastel (0.8.0)
      tty-color (~> 0.5)
    pry (0.14.1)
      coderay (~> 1.1)
      method_source (~> 1.0)
    pry-byebug (3.10.1)
      byebug (~> 11.0)
      pry (>= 0.13, < 0.15)
    public_suffix (5.0.0)
    racc (1.6.0)
    rack (2.2.4)
    rack-protection (2.2.2)
      rack
    rake (13.0.6)
    reverse_markdown (2.1.1)
      nokogiri
    ruby2_keywords (0.0.5)
    sequel (5.60.1)
    sinatra (2.2.2)
      mustermann (~> 2.0)
      rack (~> 2.2)
      rack-protection (= 2.2.2)
      tilt (~> 2.0)
    sqlite3 (1.5.0-arm64-darwin)
    strings (0.2.1)
      strings-ansi (~> 0.2)
      unicode-display_width (>= 1.5, < 3.0)
      unicode_utils (~> 1.4)
    strings-ansi (0.2.0)
    thor (1.2.1)
    thor-hollaback (0.2.1)
      hollaback (~> 0.1)
      thor (>= 0.19.1)
    tilt (2.0.11)
    tty-color (0.6.0)
    tty-cursor (0.7.1)
    tty-progressbar (0.18.2)
      strings-ansi (~> 0.2)
      tty-cursor (~> 0.7)
      tty-screen (~> 0.8)
      unicode-display_width (>= 1.6, < 3.0)
    tty-prompt (0.23.1)
      pastel (~> 0.8)
      tty-reader (~> 0.8)
    tty-reader (0.9.0)
      tty-cursor (~> 0.7)
      tty-screen (~> 0.8)
      wisper (~> 2.0)
    tty-screen (0.8.1)
    tty-spinner (0.9.3)
      tty-cursor (~> 0.7)
    tty-table (0.12.0)
      pastel (~> 0.8)
      strings (~> 0.2.0)
      tty-screen (~> 0.8)
    tzinfo (2.0.5)
      concurrent-ruby (~> 1.0)
    unicode-display_width (2.2.0)
    unicode_utils (1.4.0)
    wisper (2.0.1)
    xdg (6.5.0)

PLATFORMS
  arm64-darwin-20

DEPENDENCIES
  bundler (~> 2.3)
  chronicle-apple-podcasts!
  pry-byebug (~> 3.9)
  rake (~> 13.0)

BUNDLED WITH
   2.3.8
